PATH
  remote: .
  specs:
    formagic (0.2.6)

GEM
  remote: http://rubygems.org/
  specs:
    rake (10.4.2)

PLATFORMS
  ruby

DEPENDENCIES
  bundler (~> 1.9)
  formagic!
  rake (~> 10.0)

BUNDLED WITH
   1.10.6
