PATH
  remote: .
  specs:
    formagic (0.3.9)
      bourbon (>= 3.2)
      normalize-rails (>= 3.0)

GEM
  remote: http://rubygems.org/
  specs:
    bourbon (4.2.6)
      sass (~> 3.4)
      thor (~> 0.19)
    normalize-rails (3.0.3)
    rake (10.4.2)
    sass (3.4.20)
    thor (0.19.1)

PLATFORMS
  ruby

DEPENDENCIES
  bundler (~> 1.9)
  formagic!
  rake (~> 10.0)

BUNDLED WITH
   1.10.6
